GEM
  remote: https://rubygems.org/
  specs:
    addressable (2.3.2)
    awesome_print (1.1.0)
    crack (0.3.2)
    daemons (1.1.9)
    eventmachine (1.0.0)
    httparty (0.9.0)
      multi_json (~> 1.0)
      multi_xml
    minitest (4.4.0)
    multi_json (1.5.0)
    multi_xml (0.5.1)
    rack (1.4.1)
    rack-protection (1.3.2)
      rack
    rack-test (0.6.2)
      rack (>= 1.0)
    rake (10.0.3)
    sinatra (1.3.3)
      rack (~> 1.3, >= 1.3.6)
      rack-protection (~> 1.2)
      tilt (~> 1.3, >= 1.3.3)
    thin (1.5.0)
      daemons (>= 1.0.9)
      eventmachine (>= 0.12.6)
      rack (>= 1.0.0)
    tilt (1.3.3)
    vcr (2.4.0)
    webmock (1.9.0)
      addressable (>= 2.2.7)
      crack (>= 0.1.7)

PLATFORMS
  ruby

DEPENDENCIES
  awesome_print (~> 1.1.0)
  httparty (~> 0.9.0)
  minitest (~> 4.4.0)
  rack-test (~> 0.6.2)
  rake (~> 10.0.3)
  sinatra (~> 1.3.3)
  thin (~> 1.5.0)
  vcr (~> 2.4.0)
  webmock (~> 1.9.0)
